GEM
  remote: http://rubygems.org/
  remote: http://gems.rubyforge.org/
  specs:
    rake (0.9.2.2)

PLATFORMS
  x86-mingw32

DEPENDENCIES
  bundler
  rake
