GEM
  remote: https://rubygems.org/
  specs:
    awesome_print (1.1.0)
    bond (0.4.2)
    fileutils (0.7)
      rmagick (>= 2.13.1)
    rake (10.0.2)
    rb-readline (0.4.2)
    rmagick (2.13.1)
    wirble (0.1.3)

PLATFORMS
  ruby

DEPENDENCIES
  awesome_print
  bond
  fileutils
  rake
  rb-readline
  wirble
