GEM
  remote: https://rubygems.org/
  specs:
    awesome_print (1.1.0)
    bond (0.4.2)
    gem-ctags (1.0.5)
    rake (10.0.3)
    rb-readline (0.4.2)
    wirble (0.1.3)

PLATFORMS
  ruby

DEPENDENCIES
  awesome_print
  bond
  gem-ctags
  rake
  rb-readline
  wirble
